GEM
  remote: https://rubygems.org/
  specs:
    language_server-protocol (3.17.0.3)
    prism (0.27.0)
    ruby-lsp (0.16.6)
      language_server-protocol (~> 3.17.0)
      prism (>= 0.23.0, < 0.28)
      sorbet-runtime (>= 0.5.10782)
    sorbet-runtime (0.5.11361)

PLATFORMS
  x64-mingw-ucrt

DEPENDENCIES
  ruby-lsp

BUNDLED WITH
   2.5.9
